GEM
  remote: http://rubygems.org/
  specs:
    rack (1.3.3)
    rack-rewrite (1.2.1)

PLATFORMS
  ruby

DEPENDENCIES
  rack
  rack-rewrite
