GEM
  remote: https://rubygems.org/
  specs:
    addressable (2.3.6)
    excon (0.37.0)
    heroku (3.8.4)
      heroku-api (~> 0.3.17)
      launchy (>= 0.3.2)
      netrc (~> 0.7.7)
      rest-client (~> 1.6.1)
      rubyzip
    heroku-api (0.3.18)
      excon (~> 0.27)
      multi_json (~> 1.8)
    launchy (2.4.2)
      addressable (~> 2.3)
    mime-types (2.3)
    multi_json (1.10.1)
    netrc (0.7.7)
    rack (1.5.2)
    rack-rewrite (1.5.0)
    rest-client (1.6.7)
      mime-types (>= 1.16)
    rubyzip (1.1.4)

PLATFORMS
  ruby

DEPENDENCIES
  heroku
  rack
  rack-rewrite
